GEM
  remote: https://rubygems.org/
  specs:
    addressable (2.3.8)
    keen (0.9.2)
      addressable (~> 2.3.5)
      multi_json (~> 1.3)
    multi_json (1.11.2)
    rack (1.6.4)
    rack-protection (1.5.3)
      rack
    sinatra (1.4.6)
      rack (~> 1.4)
      rack-protection (~> 1.4)
      tilt (>= 1.3, < 3)
    slim (3.0.6)
      temple (~> 0.7.3)
      tilt (>= 1.3.3, < 2.1)
    temple (0.7.6)
    tilt (1.4.1)

PLATFORMS
  ruby

DEPENDENCIES
  keen
  sinatra
  slim
